GIT
  remote: git://github.com/mperham/dalli.git
  revision: 26b8c35396cc0df7ca6c11ad28aab12284f2be86
  specs:
    dalli (2.6.4)

GEM
  remote: https://rubygems.org/
  specs:
    backports (3.3.2)
    eventmachine (1.0.3)
    faraday (0.8.7)
      multipart-post (~> 1.1)
    faraday_middleware (0.9.0)
      faraday (>= 0.7.4, < 0.9)
    hashie (2.0.5)
    memcachier (0.0.2)
    multi_json (1.7.7)
    multipart-post (1.2.0)
    newrelic_rpm (3.6.3.111)
    oauth (0.4.7)
    omniauth (1.1.4)
      hashie (>= 1.2, < 3)
      rack
    omniauth-oauth (1.0.1)
      oauth
      omniauth (~> 1.0)
    omniauth-tumblr (1.1)
      omniauth-oauth (~> 1.0)
    omniauth-twitter (0.0.17)
      multi_json (~> 1.3)
      omniauth-oauth (~> 1.0)
    rack (1.5.2)
    rack-protection (1.5.0)
      rack
    rack-test (0.6.2)
      rack (>= 1.0)
    shotgun (0.9)
      rack (>= 1.0)
    simple_oauth (0.2.0)
    sinatra (1.4.3)
      rack (~> 1.4)
      rack-protection (~> 1.4)
      tilt (~> 1.3, >= 1.3.4)
    sinatra-contrib (1.4.0)
      backports (>= 2.0)
      eventmachine
      rack-protection
      rack-test
      sinatra (~> 1.4.2)
      tilt (~> 1.3)
    sinatra-flash (0.3.0)
      sinatra (>= 1.0.0)
    sinatra-reloader (1.0)
      sinatra-contrib
    tilt (1.4.1)
    tumblife (1.5.0)
      faraday (~> 0.8.0)
      faraday_middleware (~> 0.9.0)
      hashie (~> 2.0.3)
      multi_json (~> 1.7.2)
      simple_oauth (~> 0.2.0)
    twitter (4.8.1)
      faraday (~> 0.8, < 0.10)
      multi_json (~> 1.0)
      simple_oauth (~> 0.2)

PLATFORMS
  ruby

DEPENDENCIES
  dalli!
  memcachier
  newrelic_rpm
  omniauth
  omniauth-tumblr
  omniauth-twitter
  shotgun
  sinatra
  sinatra-flash
  sinatra-reloader
  tumblife
  twitter
