GIT
  remote: git://github.com/mperham/dalli.git
  revision: 0f07d6361ae0e18493e7e41daa23427cf3e0960a
  specs:
    dalli (2.6.2)

GIT
  remote: git://github.com/sferik/twitter.git
  revision: c890e7d288e3997c3a539a21bd34e8cae360ba9e
  specs:
    twitter (4.6.2)
      faraday (~> 0.8, < 0.10)
      multi_json (~> 1.0)
      simple_oauth (~> 0.2)

GEM
  remote: https://rubygems.org/
  specs:
    backports (3.3.0)
    faraday (0.8.7)
      multipart-post (~> 1.1)
    faraday_middleware (0.9.0)
      faraday (>= 0.7.4, < 0.9)
    hashie (1.2.0)
    memcachier (0.0.2)
    monkey-lib (0.5.4)
      backports
    multi_json (1.5.1)
    multipart-post (1.2.0)
    newrelic_rpm (3.6.1.88)
    oauth (0.4.7)
    omniauth (1.1.3)
      hashie (~> 1.2)
      rack
    omniauth-oauth (1.0.1)
      oauth
      omniauth (~> 1.0)
    omniauth-tumblr (1.1)
      omniauth-oauth (~> 1.0)
    omniauth-twitter (0.0.16)
      multi_json (~> 1.3)
      omniauth-oauth (~> 1.0)
    rack (1.5.2)
    rack-protection (1.5.0)
      rack
    shotgun (0.9)
      rack (>= 1.0)
    simple_oauth (0.2.0)
    sinatra (1.4.2)
      rack (~> 1.5, >= 1.5.2)
      rack-protection (~> 1.4)
      tilt (~> 1.3, >= 1.3.4)
    sinatra-advanced-routes (0.5.2)
      monkey-lib (~> 0.5.0)
      sinatra (~> 1.0)
      sinatra-sugar (~> 0.5.0)
    sinatra-flash (0.3.0)
      sinatra (>= 1.0.0)
    sinatra-reloader (0.5.0)
      sinatra (~> 1.0)
      sinatra-advanced-routes (~> 0.5.0)
    sinatra-sugar (0.5.1)
      monkey-lib (~> 0.5.0)
      sinatra (~> 1.0)
    tilt (1.3.6)
    tumblife (1.3.0)
      faraday (~> 0.8.0)
      faraday_middleware (~> 0.9.0)
      hashie (~> 1.2.0)
      multi_json (~> 1.5.0)
      simple_oauth (~> 0.2.0)

PLATFORMS
  ruby

DEPENDENCIES
  dalli!
  memcachier
  newrelic_rpm
  omniauth
  omniauth-tumblr
  omniauth-twitter
  shotgun
  sinatra
  sinatra-flash
  sinatra-reloader
  tumblife
  twitter!
